GIT
  remote: git://github.com/sorah/ruboty-imascg.git
  revision: efedb4c8622762dd953f38dc523ffb14122a32e2
  specs:
    ruboty-imascg (1.0.0)
      ruboty

GIT
  remote: git://github.com/sorah/ruboty-imasml.git
  revision: 2ce6c3adc8e4e7dc4cb695773efd23be9d9ce8be
  specs:
    ruboty-imasml (0.0.1)
      nokogiri
      ruboty

GIT
  remote: git://github.com/sorah/ruboty-monday_is_coming.git
  revision: a8793b6ca39f040c0ce0503fc673db7cfcc33fd6
  specs:
    ruboty-monday_is_coming (0.1.0)
      ruboty

GIT
  remote: git://github.com/sorah/ruboty-songinfo.git
  revision: 709566ef3b76cf9f3bd930d73d4d2dda474d7145
  specs:
    ruboty-songinfo (0.1.0)
      nokogiri
      ruboty

GIT
  remote: git://github.com/yoshiori/ruboty-kiatsu.git
  revision: 4cb64580689ea490380606577d3da1684de7bc59
  specs:
    ruboty-kiatsu (0.2.0)
      faraday
      faraday_middleware
      ruboty

GEM
  remote: https://rubygems.org/
  specs:
    activesupport (4.2.1)
      i18n (~> 0.7)
      json (~> 1.7, >= 1.7.7)
      minitest (~> 5.1)
      thread_safe (~> 0.3, >= 0.3.4)
      tzinfo (~> 1.1)
    addressable (2.3.8)
    chrono (0.0.6)
      activesupport
    docomoru (0.1.2)
      activesupport
      faraday
      faraday_middleware
      json
      rack
      slop
    dotenv (2.0.1)
    faraday (0.9.1)
      multipart-post (>= 1.2, < 3)
    faraday_middleware (0.9.1)
      faraday (>= 0.7.4, < 0.10)
    ffi (1.9.8)
    hashie (3.4.0)
    i18n (0.7.0)
    ikku (0.1.4)
      natto
    json (1.8.2)
    mem (0.1.5)
    mini_portile (0.6.2)
    minitest (5.6.1)
    multi_xml (0.5.5)
    multipart-post (2.0.0)
    natto (0.9.9)
      ffi (>= 1.9.0)
    nokogiri (1.6.6.2)
      mini_portile (~> 0.6.0)
    octokit (3.8.0)
      sawyer (~> 0.6.0, >= 0.5.3)
    rack (1.6.0)
    rake (10.4.2)
    redis (3.2.1)
    redis-namespace (1.5.2)
      redis (~> 3.0, >= 3.0.4)
    ruboty (1.2.2)
      activesupport
      bundler
      dotenv
      mem
      slop
    ruboty-alias (0.0.7)
      ruboty (>= 1.1.1)
    ruboty-attendance (0.0.2)
      ruboty
    ruboty-bundler (0.1.2)
      ruboty (>= 1.2.1)
      ruboty-github
    ruboty-cron (1.0.0)
      activesupport
      chrono
      ruboty (>= 0.2.0)
    ruboty-echo (0.1.0)
      ruboty
    ruboty-github (0.1.3)
      activesupport
      octokit
      ruboty
    ruboty-google_image (0.0.7)
      faraday
      faraday_middleware
      ruboty
    ruboty-hitozuma (0.0.3)
      ruboty
    ruboty-japan_weather (0.0.4)
      ruboty
      weather_jp
    ruboty-kokodeikku (0.0.8)
      ikku (>= 0.1.1)
      ruboty
    ruboty-lgtm (0.0.3)
      faraday
      faraday_middleware
      ruboty
    ruboty-redis (0.0.5)
      redis
      redis-namespace
      ruboty
    ruboty-replace (0.0.1)
      ruboty
    ruboty-ruby_eval (0.0.0)
      ruboty
    ruboty-scorekeeper (0.0.2)
      ruboty
    ruboty-slack (0.1.7)
      ruboty (>= 1.0.4)
      xrc (>= 0.0.6)
    ruboty-syoboi_calendar (0.0.7)
      activesupport
      ruboty
      syoboi_calendar (= 0.3.1)
    ruboty-talk (0.0.5)
      docomoru (>= 0.0.3)
      ruboty (>= 1.1.0)
    ruboty-tumblr_image (0.0.2)
      faraday
      faraday_middleware
      ruboty
    ruboty-zoi (1.1.0)
      ruboty
    sawyer (0.6.0)
      addressable (~> 2.3.5)
      faraday (~> 0.8, < 0.10)
    slop (4.1.0)
    syoboi_calendar (0.3.1)
      activesupport
      faraday
      faraday_middleware
      hashie
      multi_xml
    thread_safe (0.3.5)
    tzinfo (1.2.2)
      thread_safe (~> 0.1)
    weather_jp (2.0.0)
      activesupport
      nokogiri
      rack
      rake (>= 0.9.2)
    xrc (0.1.5)
      activesupport

PLATFORMS
  ruby

DEPENDENCIES
  rake
  ruboty
  ruboty-alias
  ruboty-attendance
  ruboty-bundler
  ruboty-cron
  ruboty-echo
  ruboty-github
  ruboty-google_image
  ruboty-hitozuma
  ruboty-imascg!
  ruboty-imasml!
  ruboty-japan_weather
  ruboty-kiatsu!
  ruboty-kokodeikku
  ruboty-lgtm
  ruboty-monday_is_coming!
  ruboty-redis
  ruboty-replace
  ruboty-ruby_eval
  ruboty-scorekeeper
  ruboty-slack
  ruboty-songinfo!
  ruboty-syoboi_calendar
  ruboty-talk
  ruboty-tumblr_image
  ruboty-zoi (~> 1.1.0)

BUNDLED WITH
   1.10.3
