GIT
  remote: git://github.com/sorah/ruboty-imascg.git
  revision: e75c74b01b95d463893dda4108f01ca8c21d6e8f
  specs:
    ruboty-imascg (0.0.1)
      ruboty

GIT
  remote: git://github.com/sorah/ruboty-imasml.git
  revision: 651af704014a4a8e6ffa30523da1d66dbab2ba2d
  specs:
    ruboty-imasml (0.0.1)
      nokogiri
      ruboty

GIT
  remote: git://github.com/sorah/ruboty.git
  revision: 1ff6b3da03c0bc6139144f3a23663673c8acdc8d
  ref: cant-compare-boolean
  specs:
    ruboty (1.0.2)
      activesupport
      bundler
      dotenv
      mem
      slop

GEM
  remote: https://rubygems.org/
  specs:
    activesupport (4.1.6)
      i18n (~> 0.6, >= 0.6.9)
      json (~> 1.7, >= 1.7.7)
      minitest (~> 5.1)
      thread_safe (~> 0.1)
      tzinfo (~> 1.1)
    addressable (2.3.6)
    chrono (0.0.4)
      activesupport
    coderay (1.1.0)
    dotenv (0.11.1)
      dotenv-deployment (~> 0.0.2)
    dotenv-deployment (0.0.2)
    faraday (0.9.0)
      multipart-post (>= 1.2, < 3)
    faraday_middleware (0.9.1)
      faraday (>= 0.7.4, < 0.10)
    hashie (3.2.0)
    i18n (0.6.11)
    json (1.8.1)
    mem (0.1.5)
    method_source (0.8.2)
    minitest (5.4.2)
    multi_xml (0.5.5)
    multipart-post (2.0.0)
    nokogiri (1.5.11)
    octokit (3.3.0)
      sawyer (~> 0.5.3)
    pry (0.10.0)
      coderay (~> 1.1.0)
      method_source (~> 0.8.1)
      slop (~> 3.4)
    rake (10.3.2)
    redis (3.1.0)
    redis-namespace (1.5.1)
      redis (~> 3.0, >= 3.0.4)
    ruboty-alias (0.0.3)
      ruboty
    ruboty-attendance (0.0.2)
      ruboty
    ruboty-cron (0.0.9)
      activesupport
      chrono
      ruboty (>= 0.2.0)
    ruboty-github (0.1.0)
      activesupport
      octokit
      ruboty
    ruboty-google_image (0.0.7)
      faraday
      faraday_middleware
      ruboty
    ruboty-japan_weather (0.0.3)
      ruboty
      weather_jp (~> 1.0)
    ruboty-lgtm (0.0.3)
      faraday
      faraday_middleware
      ruboty
    ruboty-redis (0.0.4)
      redis
      redis-namespace
      ruboty
    ruboty-scorekeeper (0.0.2)
      ruboty
    ruboty-slack (0.1.6)
      ruboty
      xrc (>= 0.0.6)
    ruboty-syoboi_calendar (0.0.5)
      activesupport
      ruboty
      syoboi_calendar (= 0.3.1)
    ruboty-tumblr_image (0.0.2)
      faraday
      faraday_middleware
      ruboty
    ruboty-zoi (1.1.0)
      ruboty
    sawyer (0.5.4)
      addressable (~> 2.3.5)
      faraday (~> 0.8, < 0.10)
    slop (3.6.0)
    syoboi_calendar (0.3.1)
      activesupport
      faraday
      faraday_middleware
      hashie
      multi_xml
    thread_safe (0.3.4)
    tzinfo (1.2.2)
      thread_safe (~> 0.1)
    weather_jp (1.0.4)
      nokogiri (~> 1.5.5)
      rake (>= 0.9.2)
    xrc (0.1.1)
      activesupport

PLATFORMS
  ruby

DEPENDENCIES
  pry
  rake
  ruboty!
  ruboty-alias
  ruboty-attendance
  ruboty-cron
  ruboty-github
  ruboty-google_image
  ruboty-imascg!
  ruboty-imasml!
  ruboty-japan_weather
  ruboty-lgtm
  ruboty-redis
  ruboty-scorekeeper
  ruboty-slack
  ruboty-syoboi_calendar
  ruboty-tumblr_image
  ruboty-zoi (~> 1.1.0)
